GEM
  remote: https://rubygems.org/
  specs:
    rake (12.3.3)
    redcarpet (3.3.2)

PLATFORMS
  ruby

DEPENDENCIES
  rake
  redcarpet
