GEM
  remote: https://rubygems.org/
  specs:
    rake (10.4.2)
    redcarpet (3.5.1)

PLATFORMS
  ruby

DEPENDENCIES
  rake
  redcarpet
